PATH
  remote: .
  specs:
    bmg (0.16.6)
      predicate (~> 2.2, >= 2.2.1)

GEM
  remote: https://rubygems.org/
  specs:
    diff-lcs (1.3)
    mini_portile2 (2.4.0)
    nokogiri (1.10.8)
      mini_portile2 (~> 2.4.0)
    path (2.0.1)
    predicate (2.2.1)
      sexpr (~> 0.6.0)
    rake (10.5.0)
    roo (2.8.2)
      nokogiri (~> 1)
      rubyzip (>= 1.2.1, < 2.0.0)
    rspec (3.8.0)
      rspec-core (~> 3.8.0)
      rspec-expectations (~> 3.8.0)
      rspec-mocks (~> 3.8.0)
    rspec-core (3.8.0)
      rspec-support (~> 3.8.0)
    rspec-expectations (3.8.3)
      diff-lcs (>= 1.2.0, < 2.0)
      rspec-support (~> 3.8.0)
    rspec-mocks (3.8.0)
      diff-lcs (>= 1.2.0, < 2.0)
      rspec-support (~> 3.8.0)
    rspec-support (3.8.0)
    rubyzip (1.3.0)
    sequel (5.20.0)
    sexpr (0.6.0)
    sqlite3 (1.4.1)

PLATFORMS
  ruby

DEPENDENCIES
  bmg!
  path (>= 1.3)
  rake (~> 10)
  roo (>= 2.7)
  rspec (~> 3.6)
  sequel
  sqlite3

BUNDLED WITH
   2.0.1
