PATH
  remote: .
  specs:
    bmg (0.17.4)
      predicate (~> 2.4, >= 2.4.0)

GEM
  remote: https://rubygems.org/
  specs:
    diff-lcs (1.4.4)
    mini_portile2 (2.4.0)
    nokogiri (1.10.10)
      mini_portile2 (~> 2.4.0)
    path (2.0.1)
    predicate (2.4.0)
      sexpr (~> 0.6.0)
    rake (13.0.1)
    roo (2.8.3)
      nokogiri (~> 1)
      rubyzip (>= 1.3.0, < 3.0.0)
    rspec (3.9.0)
      rspec-core (~> 3.9.0)
      rspec-expectations (~> 3.9.0)
      rspec-mocks (~> 3.9.0)
    rspec-core (3.9.2)
      rspec-support (~> 3.9.3)
    rspec-expectations (3.9.2)
      diff-lcs (>= 1.2.0, < 2.0)
      rspec-support (~> 3.9.0)
    rspec-mocks (3.9.1)
      diff-lcs (>= 1.2.0, < 2.0)
      rspec-support (~> 3.9.0)
    rspec-support (3.9.3)
    rubyzip (2.3.0)
    sequel (5.34.0)
    sexpr (0.6.0)
    sqlite3 (1.4.2)

PLATFORMS
  ruby

DEPENDENCIES
  bmg!
  path (>= 1.3)
  rake (~> 13)
  roo (>= 2.7)
  rspec (~> 3.6)
  sequel
  sqlite3

BUNDLED WITH
   2.1.2
